PATH
  remote: .
  specs:
    mo (1.3.4)
      boson

GEM
  remote: http://rubygems.org/
  specs:
    boson (1.2.4)
    minitest (2.6.1)
    rake (10.0.3)

PLATFORMS
  ruby

DEPENDENCIES
  minitest
  mo!
  rake
