PATH
  remote: .
  specs:
    mo (1.0.2)
      boson

GEM
  remote: http://rubygems.org/
  specs:
    boson (1.2.4)

PLATFORMS
  ruby

DEPENDENCIES
  mo!
